GEM
  remote: https://rubygems.org/
  specs:
    asciidoctor (2.0.20)
    asciidoctor-diagram (2.2.14)
      asciidoctor (>= 1.5.7, < 3.x)
      asciidoctor-diagram-ditaamini (~> 1.0)
      asciidoctor-diagram-plantuml (~> 1.2021)
      rexml
    asciidoctor-diagram-ditaamini (1.0.3)
    asciidoctor-diagram-plantuml (1.2023.12)
    asciidoctor-revealjs (5.0.1)
      asciidoctor (>= 2.0.0, < 3.0.0)
    pygments.rb (2.4.0)
    rake (13.1.0)
    rexml (3.2.6)

PLATFORMS
  ruby

DEPENDENCIES
  asciidoctor (>= 2)
  asciidoctor-diagram (~> 2.2)
  asciidoctor-revealjs (~> 5)
  pygments.rb (~> 2.4)
  rake (>= 13)

BUNDLED WITH
   2.4.21
